GEM
  remote: https://rubygems.org/
  specs:
    sass (3.2.14)

PLATFORMS
  ruby

DEPENDENCIES
  sass (>= 3.2.14)
